PATH
  remote: .
  specs:

GEM
  remote: http://rubygems.org/
  specs:

PLATFORMS
  ruby
  x86-mingw32

DEPENDENCIES
  pretty_outputter!

BUNDLED WITH
   1.11.2
