PATH
  remote: .
  specs:
    pretty_outputter (0.0.1.pre1)

GEM
  remote: http://rubygems.org/
  specs:

PLATFORMS
  ruby

DEPENDENCIES
  pretty_outputter!

BUNDLED WITH
   1.11.2
