PATH
  remote: .
  specs:
    messages_dictionary (0.0.1.rc2)
      hashie (~> 3.4)

GEM
  remote: http://rubygems.org/
  specs:
    hashie (3.4.3)

PLATFORMS
  ruby
  x86-mingw32

DEPENDENCIES
  messages_dictionary!

BUNDLED WITH
   1.11.2
