PATH
  remote: .
  specs:
    pretty_outputter (0.0.1.pre3)

GEM
  remote: http://rubygems.org/
  specs:

PLATFORMS
  ruby
  x86-mingw32

DEPENDENCIES
  pretty_outputter!

BUNDLED WITH
   1.11.2
